GEM
  remote: https://rubygems.org/
  specs:
    atomic (1.1.14)
    bson (1.9.2)
    bson_ext (1.9.2)
      bson (~> 1.9.2)
    json (1.8.1)
    mongo (1.9.2)
      bson (~> 1.9.2)
    rack (1.5.2)
    rack-protection (1.5.1)
      rack
    rufus-scheduler (3.0.3)
      tzinfo
    simple-rss (1.3.1)
    sinatra (1.4.3)
      rack (~> 1.4)
      rack-protection (~> 1.4)
      tilt (~> 1.3, >= 1.3.4)
    thread_safe (0.1.3)
      atomic
    tilt (1.4.1)
    tzinfo (1.1.0)
      thread_safe (~> 0.1)

PLATFORMS
  ruby

DEPENDENCIES
  bson_ext
  json
  mongo
  rufus-scheduler
  simple-rss
  sinatra
